GEM
  remote: https://rubygems.org/
  specs:
    connection_pool (2.5.3)
    elastic-transport (8.4.0)
      faraday (< 3)
      multi_json
    elasticsearch (8.19.0)
      elastic-transport (~> 8.3)
      elasticsearch-api (= 8.19.0)
    elasticsearch-api (8.19.0)
      multi_json
    faraday (2.13.4)
      faraday-net_http (>= 2.0, < 3.5)
      json
      logger
    faraday-net_http (3.4.1)
      net-http (>= 0.5.0)
    json (2.13.2)
    logger (1.7.0)
    multi_json (1.17.0)
    net-http (0.6.0)
      uri
    pg (1.6.1)
    pg (1.6.1-x86_64-linux)
    redis (5.4.1)
      redis-client (>= 0.22.0)
    redis-client (0.25.2)
      connection_pool
    uri (1.0.3)

PLATFORMS
  ruby
  x86_64-linux

DEPENDENCIES
  elasticsearch (~> 8.19)
  pg
  redis

BUNDLED WITH
   2.6.8
